GEM
  remote: https://rubygems.org/
  specs:
    coderay (1.1.2)
    metaclass (0.0.4)
    method_source (0.9.0)
    minitest (5.11.3)
    mocha (1.5.0)
      metaclass (~> 0.0.1)
    pry (0.11.3)
      coderay (~> 1.1.0)
      method_source (~> 0.9.0)
    rack (2.0.5)
    rack-test (1.0.0)
      rack (>= 1.0, < 3)
    rake (12.3.1)

PLATFORMS
  ruby

DEPENDENCIES
  minitest
  mocha
  pry
  rack-test
  rake

BUNDLED WITH
   1.16.2
